GEM
  remote: http://rubygems.org/
  specs:
    easycodefrb (1.0.2)

PLATFORMS
  ruby

DEPENDENCIES
  easycodefrb

BUNDLED WITH
   2.1.4
